GEM
  remote: https://rubygems.org/
  specs:
    benchmark-ips (2.9.2)
    benchmark-memory (0.1.2)
      memory_profiler (~> 0.9)
    creek (2.5.3)
      nokogiri (>= 1.10.0)
      rubyzip (>= 1.0.0)
    memory_profiler (0.9.14)
    mini_portile2 (2.6.1)
    nokogiri (1.12.5)
      mini_portile2 (~> 2.6.1)
      racc (~> 1.4)
    racc (1.5.2)
    roo (2.8.3)
      nokogiri (~> 1)
      rubyzip (>= 1.3.0, < 3.0.0)
    rubyXL (3.4.18)
      nokogiri (>= 1.10.8)
      rubyzip (>= 1.3.0)
    rubyzip (2.3.2)
    simple_xlsx_reader (1.0.4)
      nokogiri
      rubyzip
    xsv (1.0.4)
      rubyzip (>= 1.3, < 3)

PLATFORMS
  ruby

DEPENDENCIES
  benchmark-ips
  benchmark-memory
  creek
  roo
  rubyXL
  simple_xlsx_reader
  xsv

BUNDLED WITH
   2.1.4
